PATH
  remote: .
  specs:
    rails_dev_ssl (0.1.5)
      thor (~> 1.0)

GEM
  remote: https://rubygems.org/
  specs:
    coderay (1.1.3)
    diff-lcs (1.6.2)
    method_source (1.1.0)
    pry (0.15.2)
      coderay (~> 1.1)
      method_source (~> 1.0)
    rake (13.3.0)
    rspec (3.13.1)
      rspec-core (~> 3.13.0)
      rspec-expectations (~> 3.13.0)
      rspec-mocks (~> 3.13.0)
    rspec-core (3.13.4)
      rspec-support (~> 3.13.0)
    rspec-expectations (3.13.5)
      diff-lcs (>= 1.2.0, < 2.0)
      rspec-support (~> 3.13.0)
    rspec-mocks (3.13.5)
      diff-lcs (>= 1.2.0, < 2.0)
      rspec-support (~> 3.13.0)
    rspec-support (3.13.4)
    thor (1.3.2)

PLATFORMS
  ruby

DEPENDENCIES
  bundler (~> 2.0)
  pry (~> 0.15.2)
  rails_dev_ssl!
  rake (~> 13.0)
  rspec (~> 3.0)

BUNDLED WITH
   2.4.7
